GEM
  remote: https://rubygems.org/
  specs:
    chunky_png (1.3.8)
    compass (1.0.3)
      chunky_png (~> 1.2)
      compass-core (~> 1.0.2)
      compass-import-once (~> 1.0.5)
      rb-fsevent (>= 0.9.3)
      rb-inotify (>= 0.9)
      sass (>= 3.3.13, < 3.5)
    compass-core (1.0.3)
      multi_json (~> 1.0)
      sass (>= 3.3.0, < 3.5)
    compass-import-once (1.0.5)
      sass (>= 3.2, < 3.5)
    dotenv (2.2.0)
    ffi (1.9.17)
    foreman (0.83.0)
      thor (~> 0.19.1)
    json (2.0.3)
    mini_portile2 (2.1.0)
    multi_json (1.12.1)
    nokogiri (1.7.0.1)
      mini_portile2 (~> 2.1.0)
    puma (3.7.0)
    rack (1.6.5)
    rack-protection (1.5.3)
      rack
    rb-fsevent (0.9.8)
    rb-inotify (0.9.8)
      ffi (>= 0.5.0)
    sass (3.4.23)
    sinatra (1.4.8)
      rack (~> 1.5)
      rack-protection (~> 1.4)
      tilt (>= 1.3, < 3)
    thor (0.19.4)
    tilt (2.0.6)

PLATFORMS
  ruby

DEPENDENCIES
  compass (~> 1.0.3)
  dotenv (~> 2.2.0)
  foreman (~> 0.83.0)
  json (~> 2.0.3)
  multi_json (~> 1.12.1)
  nokogiri (~> 1.7.0.1)
  puma (~> 3.7.0)
  sinatra (~> 1.4.8)

BUNDLED WITH
   1.11.2
