GIT
  remote: https://github.com/nixme/rdio-ruby.git
  revision: f95ba6285ef0376f14d939832d49b1b75d316a3d
  ref: f95ba
  specs:
    rdio-ruby (0.0.1)
      faraday (~> 0.8)
      faraday_middleware (~> 0.8.8)
      simple_oauth (~> 0.1.9)

GEM
  remote: https://rubygems.org/
  specs:
    chunky_png (1.3.4)
    compass (1.0.3)
      chunky_png (~> 1.2)
      compass-core (~> 1.0.2)
      compass-import-once (~> 1.0.5)
      rb-fsevent (>= 0.9.3)
      rb-inotify (>= 0.9)
      sass (>= 3.3.13, < 3.5)
    compass-core (1.0.3)
      multi_json (~> 1.0)
      sass (>= 3.3.0, < 3.5)
    compass-import-once (1.0.5)
      sass (>= 3.2, < 3.5)
    dotenv (2.0.1)
    faraday (0.8.9)
      multipart-post (~> 1.2.0)
    faraday_middleware (0.8.8)
      faraday (>= 0.7.4, < 0.9)
    ffi (1.9.8)
    foreman (0.78.0)
      thor (~> 0.19.1)
    hashie (3.4.1)
    json (1.8.2)
    multi_json (1.11.0)
    multipart-post (1.2.0)
    oauth (0.4.7)
    omniauth (1.2.2)
      hashie (>= 1.2, < 4)
      rack (~> 1.0)
    omniauth-oauth (1.1.0)
      oauth
      omniauth (~> 1.0)
    omniauth-rdio (0.1.0)
      omniauth-oauth (~> 1.0)
    puma (2.11.2)
      rack (>= 1.1, < 2.0)
    rack (1.6.0)
    rack-protection (1.5.3)
      rack
    rb-fsevent (0.9.4)
    rb-inotify (0.9.5)
      ffi (>= 0.5.0)
    sass (3.4.13)
    simple_oauth (0.1.9)
    sinatra (1.4.6)
      rack (~> 1.4)
      rack-protection (~> 1.4)
      tilt (>= 1.3, < 3)
    thor (0.19.1)
    tilt (2.0.1)

PLATFORMS
  ruby

DEPENDENCIES
  compass (~> 1.0.3)
  dotenv (~> 2.0.1)
  foreman (~> 0.78.0)
  json (~> 1.8.2)
  multi_json (~> 1.11.0)
  omniauth-rdio (~> 0.1.0)
  puma (~> 2.11.2)
  rack (~> 1.6.0)
  rdio-ruby!
  sinatra (~> 1.4.6)
